GEM
  remote: http://rubygems.org/
  specs:
    growl (1.0.3)
    hoe (3.12.0)
      rake (>= 0.8, < 11.0)
    metaclass (0.0.4)
    minitest (5.4.1)
    mocha (1.1.0)
      metaclass (~> 0.0.1)
    rake (10.3.2)

PLATFORMS
  ruby

DEPENDENCIES
  growl (~> 1.0)
  hoe (~> 3.11)
  minitest (~> 5.0)
  mocha (~> 1.1)
